PATH
  remote: .
  specs:
    mailinator (0.0.5)
      hashie (~> 3.4.4)

GEM
  remote: https://rubygems.org/
  specs:
    ast (2.4.0)
    byebug (9.0.6)
    celluloid (0.16.0)
      timers (~> 4.0.0)
    coderay (1.1.2)
    diff-lcs (1.3)
    fakeweb (1.3.0)
    ffi (1.9.23)
    formatador (0.2.5)
    guard (2.14.2)
      formatador (>= 0.2.4)
      listen (>= 2.7, < 4.0)
      lumberjack (>= 1.0.12, < 2.0)
      nenv (~> 0.1)
      notiffany (~> 0.0)
      pry (>= 0.9.12)
      shellany (~> 0.0)
      thor (>= 0.18.1)
    guard-compat (1.2.1)
    guard-rspec (4.7.3)
      guard (~> 2.1)
      guard-compat (~> 1.1)
      rspec (>= 2.99.0, < 4.0)
    hashie (3.4.6)
    hitimes (1.2.6)
    listen (2.10.1)
      celluloid (~> 0.16.0)
      rb-fsevent (>= 0.9.3)
      rb-inotify (>= 0.9)
    lumberjack (1.0.13)
    method_source (0.8.2)
    nenv (0.3.0)
    notiffany (0.1.1)
      nenv (~> 0.1)
      shellany (~> 0.0)
    parser (2.5.1.0)
      ast (~> 2.4.0)
    powerpack (0.1.1)
    pry (0.10.4)
      coderay (~> 1.1.0)
      method_source (~> 0.8.1)
      slop (~> 3.4)
    pry-byebug (3.4.3)
      byebug (>= 9.0, < 9.1)
      pry (~> 0.10)
    rainbow (2.2.2)
      rake
    rake (11.1.2)
    rb-fsevent (0.10.3)
    rb-inotify (0.9.10)
      ffi (>= 0.5.0, < 2)
    rspec (3.4.0)
      rspec-core (~> 3.4.0)
      rspec-expectations (~> 3.4.0)
      rspec-mocks (~> 3.4.0)
    rspec-core (3.4.4)
      rspec-support (~> 3.4.0)
    rspec-expectations (3.4.0)
      diff-lcs (>= 1.2.0, < 2.0)
      rspec-support (~> 3.4.0)
    rspec-mocks (3.4.1)
      diff-lcs (>= 1.2.0, < 2.0)
      rspec-support (~> 3.4.0)
    rspec-support (3.4.1)
    rubocop (0.41.2)
      parser (>= 2.3.1.1, < 3.0)
      powerpack (~> 0.1)
      rainbow (>= 1.99.1, < 3.0)
      ruby-progressbar (~> 1.7)
      unicode-display_width (~> 1.0, >= 1.0.1)
    ruby-progressbar (1.9.0)
    shellany (0.0.1)
    slop (3.6.0)
    thor (0.20.0)
    timers (4.0.4)
      hitimes
    unicode-display_width (1.3.2)

PLATFORMS
  ruby

DEPENDENCIES
  bundler (~> 1.7)
  fakeweb (~> 1.3)
  guard (~> 2.14.0)
  guard-rspec (~> 4.7.0)
  listen (~> 2.10.1)
  mailinator!
  pry (~> 0.10.3)
  pry-byebug (~> 3.4.0)
  rake (~> 11.1.2)
  rspec (~> 3.4.0)
  rubocop (~> 0.41.2)

BUNDLED WITH
   1.16.1
